GEM
  remote: https://rubygems.org/
  specs:
    execjs (2.7.0)
    htmlcompressor (0.3.1)
    rack (1.6.4)
    rack-protection (1.5.3)
      rack
    sass (3.4.22)
    sinatra (1.4.7)
      rack (~> 1.5)
      rack-protection (~> 1.4)
      tilt (>= 1.3, < 3)
    tilt (2.0.5)
    uglifier (3.0.2)
      execjs (>= 0.3.0, < 3)

PLATFORMS
  ruby

DEPENDENCIES
  htmlcompressor (~> 0.3.1)
  sass (~> 3.4, >= 3.4.22)
  sinatra (~> 1.4, >= 1.4.7)
  uglifier (~> 3.0, >= 3.0.2)

RUBY VERSION
   ruby 2.3.1p112

BUNDLED WITH
   1.12.5
